GIT
  remote: https://github.com/DMAonline/dmaonline-warden-jwt
  revision: 6ac6276dee748ae43da04df2bc8c2a33cca59ef5
  branch: logging
  specs:
    DMAonline-Warden-JWT (0.1.0)
      jwt (~> 2.1.0)
      warden (~> 1.2.8)

GEM
  remote: https://rubygems.org/
  specs:
    activemodel (5.2.1)
      activesupport (= 5.2.1)
    activerecord (5.2.1)
      activemodel (= 5.2.1)
      activesupport (= 5.2.1)
      arel (>= 9.0)
    activesupport (5.2.1)
      concurrent-ruby (~> 1.0, >= 1.0.2)
      i18n (>= 0.7, < 2)
      minitest (~> 5.1)
      tzinfo (~> 1.1)
    arel (9.0.0)
    aws-eventstream (1.0.1)
    aws-partitions (1.111.0)
    aws-sdk-core (3.37.0)
      aws-eventstream (~> 1.0)
      aws-partitions (~> 1.0)
      aws-sigv4 (~> 1.0)
      jmespath (~> 1.0)
    aws-sdk-sqs (1.9.0)
      aws-sdk-core (~> 3, >= 3.26.0)
      aws-sigv4 (~> 1.0)
    aws-sigv4 (1.0.3)
    backports (3.11.4)
    byebug (10.0.2)
    concurrent-ruby (1.1.3)
    database_cleaner (1.7.0)
    docile (1.3.1)
    dotenv (2.5.0)
    faraday (0.15.3)
      multipart-post (>= 1.2, < 3)
    i18n (1.1.1)
      concurrent-ruby (~> 1.0)
    jmespath (1.4.0)
    json (2.1.0)
    jwt (2.1.0)
    metaclass (0.0.4)
    minitest (5.11.3)
    minitest-ci (3.4.0)
      minitest (>= 5.0.6)
    mocha (1.7.0)
      metaclass (~> 0.0.1)
    multi_json (1.13.1)
    multipart-post (2.0.0)
    mustermann (1.0.3)
    pg (1.1.3)
    puma (3.12.0)
    rack (2.0.6)
    rack-protection (2.0.4)
      rack
    rack-test (1.1.0)
      rack (>= 1.0, < 3)
    rake (12.3.1)
    sentry-raven (2.7.4)
      faraday (>= 0.7.6, < 1.0)
    shoryuken (4.0.0)
      aws-sdk-core (>= 2)
      concurrent-ruby
      thor
    simplecov (0.16.1)
      docile (~> 1.1)
      json (>= 1.8, < 3)
      simplecov-html (~> 0.10.0)
    simplecov-html (0.10.2)
    sinatra (2.0.4)
      mustermann (~> 1.0)
      rack (~> 2.0)
      rack-protection (= 2.0.4)
      tilt (~> 2.0)
    sinatra-activerecord (2.0.13)
      activerecord (>= 3.2)
      sinatra (>= 1.0)
    sinatra-contrib (2.0.4)
      activesupport (>= 4.0.0)
      backports (>= 2.8.2)
      multi_json
      mustermann (~> 1.0)
      rack-protection (= 2.0.4)
      sinatra (= 2.0.4)
      tilt (>= 1.3, < 3)
    thor (0.20.3)
    thread_safe (0.3.6)
    tilt (2.0.8)
    tzinfo (1.2.5)
      thread_safe (~> 0.1)
    warden (1.2.8)
      rack (>= 2.0.6)

PLATFORMS
  ruby

DEPENDENCIES
  DMAonline-Warden-JWT!
  activerecord
  aws-sdk-sqs
  bundler
  byebug
  database_cleaner
  dotenv
  minitest
  minitest-ci
  mocha
  pg
  puma
  rack-test
  rake
  sentry-raven
  shoryuken
  simplecov
  sinatra
  sinatra-activerecord
  sinatra-contrib

BUNDLED WITH
   1.17.1
